PATH
  remote: .
  specs:
    mail_queue (0.1.0)
      mail (~> 2.4.4)
      stalker (>= 0.6.1)

GEM
  remote: http://rubygems.org/
  specs:
    beanstalk-client (1.1.1)
    diff-lcs (1.1.2)
    i18n (0.6.4)
    json_pure (1.7.7)
    mail (2.4.4)
      i18n (>= 0.4.0)
      mime-types (~> 1.16)
      treetop (~> 1.4.8)
    mime-types (1.21)
    polyglot (0.3.3)
    rspec (2.4.0)
      rspec-core (~> 2.4.0)
      rspec-expectations (~> 2.4.0)
      rspec-mocks (~> 2.4.0)
    rspec-core (2.4.0)
    rspec-expectations (2.4.0)
      diff-lcs (~> 1.1.2)
    rspec-mocks (2.4.0)
    stalker (0.9.0)
      beanstalk-client
      json_pure
    treetop (1.4.12)
      polyglot
      polyglot (>= 0.3.1)

PLATFORMS
  ruby

DEPENDENCIES
  bundler (>= 1.0.0.rc.5)
  mail_queue!
  rspec (~> 2.4.0)
